GEM
  remote: https://rubygems.org/
  specs:
    dotenv (3.1.2)
    event_stream_parser (1.0.0)
    faraday (2.11.0)
      faraday-net_http (>= 2.0, < 3.4)
      logger
    faraday-multipart (1.0.4)
      multipart-post (~> 2)
    faraday-net_http (3.3.0)
      net-http
    kramdown (2.4.0)
      rexml
    logger (1.6.0)
    multipart-post (2.4.1)
    net-http (0.4.1)
      uri
    pastel (0.8.0)
      tty-color (~> 0.5)
    rexml (3.3.6)
      strscan
    rouge (4.3.0)
    ruby-openai (7.1.0)
      event_stream_parser (>= 0.3.0, < 2.0.0)
      faraday (>= 1)
      faraday-multipart (>= 1)
    strings (0.2.1)
      strings-ansi (~> 0.2)
      unicode-display_width (>= 1.5, < 3.0)
      unicode_utils (~> 1.4)
    strings-ansi (0.2.0)
    strscan (3.1.0)
    tty-box (0.7.0)
      pastel (~> 0.8)
      strings (~> 0.2.0)
      tty-cursor (~> 0.7)
    tty-color (0.6.0)
    tty-cursor (0.7.1)
    tty-font (0.5.0)
    tty-markdown (0.7.2)
      kramdown (>= 1.16.2, < 3.0)
      pastel (~> 0.8)
      rouge (>= 3.14, < 5.0)
      strings (~> 0.2.0)
      tty-color (~> 0.5)
      tty-screen (~> 0.8)
    tty-pie (0.4.0)
      pastel (~> 0.8)
      tty-cursor (~> 0.7)
    tty-prompt (0.23.1)
      pastel (~> 0.8)
      tty-reader (~> 0.8)
    tty-reader (0.9.0)
      tty-cursor (~> 0.7)
      tty-screen (~> 0.8)
      wisper (~> 2.0)
    tty-screen (0.8.2)
    tty-spinner (0.9.3)
      tty-cursor (~> 0.7)
    unicode-display_width (2.5.0)
    unicode_utils (1.4.0)
    uri (0.13.1)
    wisper (2.0.1)

PLATFORMS
  aarch64-linux-gnu
  aarch64-linux-musl
  arm-linux-gnu
  arm-linux-musl
  arm64-darwin
  ruby
  x86-linux-gnu
  x86-linux-musl
  x86_64-darwin
  x86_64-linux-gnu
  x86_64-linux-musl

DEPENDENCIES
  dotenv
  pastel
  ruby-openai
  tty-box
  tty-font
  tty-markdown
  tty-pie
  tty-prompt
  tty-spinner

RUBY VERSION
   ruby 3.3.4p94

BUNDLED WITH
   2.5.17
